GEM
  remote: https://rubygems.org/
  specs:
    pg (1.2.1)
    webrick (1.6.1)

PLATFORMS
  ruby

DEPENDENCIES
  pg
  webrick

BUNDLED WITH
   1.17.2
